GEM
  remote: http://rubygems.org/
  specs:
    net-scp (1.0.4)
      net-ssh (>= 1.99.1)
    net-ssh (2.3.0)

PLATFORMS
  ruby

DEPENDENCIES
  net-scp (~> 1.0.4)
  net-ssh (~> 2.3.0)
